NUGET
  remote: https://www.nuget.org/api/v2
    NuGet.Build.Packaging (0.2)
